FRAMEWORK: NET45
NUGET
  remote: https://www.nuget.org/api/v2
    Dotnet.ProjInfo (0.5)
      FSharp.Core (>= 4.0.0.1)
    FAKE (4.55)
    FParsec (1.0.2)
    FSharp.Compiler.Service (11.0.6)
      System.Collections.Immutable (>= 1.2)
      System.Reflection.Metadata (>= 1.4.1-beta-24227-04)
    FSharp.Compiler.Service.ProjectCracker (11.0.6)
    FSharp.Core (4.1.0.2) - redirects: on
      System.ValueTuple (>= 4.3)
    FSharpLint.Core (0.7.4-beta)
      FParsec (>= 1.0.2)
      FSharp.Compiler.Service (>= 11.0.4)
      FSharp.Compiler.Service.ProjectCracker (>= 11.0.4)
    Mono.Cecil (0.9.6.4)
    NDesk.Options (0.2.1)
    Newtonsoft.Json (9.0.1)
    NUnit (3.6.1)
    NUnit.ConsoleRunner (3.6.1)
    NUnit.Extension.NUnitProjectLoader (3.5)
    NUnit.Extension.NUnitV2Driver (3.6)
    NUnit.Extension.NUnitV2ResultWriter (3.5)
    NUnit.Extension.TeamCityEventListener (1.0.2)
    NUnit.Extension.VSProjectLoader (3.5)
    NUnit.Runners (3.6.1)
      NUnit.ConsoleRunner (>= 3.6.1)
      NUnit.Extension.NUnitProjectLoader (>= 3.5)
      NUnit.Extension.NUnitV2Driver (>= 3.6)
      NUnit.Extension.NUnitV2ResultWriter (>= 3.5)
      NUnit.Extension.TeamCityEventListener (>= 1.0.2)
      NUnit.Extension.VSProjectLoader (>= 3.5)
    Octokit (0.24)
    Suave (1.1.3)
      FSharp.Core (>= 3.1.2.5)
    System.Collections.Immutable (1.3.1)
    System.Reflection.Metadata (1.4.2)
      System.Collections.Immutable (>= 1.3.1)
    System.ValueTuple (4.3) - redirects: on
GITHUB
  remote: fsharp/FAKE
    modules/Octokit/Octokit.fsx (d67516367361a02ae7836744e8396040ed5e4b22)
      Octokit (>= 0.20)